GIT
  remote: https://github.com/Actualise/spontaneous.git
  revision: b2f1c153cbf7b65e0dea151c0b7d99b5346d3d0f
  specs:
    spontaneous (0.2.0.alpha6)
      activesupport (~> 3.2.0)
      base58 (~> 0.1.0)
      bundler (> 1.0.15)
      coffee-script (~> 2.2.0)
      cutaneous (~> 0.1.3)
      erubis (~> 2.6)
      fog (~> 1.6.0)
      foreman (~> 0.60.2)
      kramdown (~> 0.14.0)
      launchy (~> 2.1.2)
      mini_magick (~> 3.3)
      nokogiri (~> 1.5.0)
      public_suffix (~> 1.0)
      rack (~> 1.4.1)
      rack-fiber_pool (~> 0.9.2)
      rake (~> 0.9.2)
      rdoc (~> 3.9.4)
      sass (~> 3.1.4)
      sequel (= 3.36.1)
      shine (~> 0.6)
      simultaneous (~> 0.4.1)
      sinatra (= 1.3.2)
      sinatra-contrib (~> 1.3.1)
      sprockets (~> 2.7.0)
      stringex (= 1.3)
      therubyracer (~> 0.9.10)
      thin (~> 1.2)
      thor (~> 0.16.0)
      uglifier (~> 1.3.0)
      yajl-ruby (~> 1.1.0)

GEM
  remote: http://rubygems.org/
  specs:
    activesupport (3.2.8)
      i18n (~> 0.6)
      multi_json (~> 1.0)
    addressable (2.3.2)
    async-rack (0.5.1)
      rack (~> 1.1)
    backports (2.6.4)
    base58 (0.1.0)
    builder (3.1.4)
    capistrano (2.13.4)
      highline
      net-scp (>= 1.0.0)
      net-sftp (>= 2.0.0)
      net-ssh (>= 2.0.14)
      net-ssh-gateway (>= 1.1.0)
    coffee-script (2.2.0)
      coffee-script-source
      execjs
    coffee-script-source (1.4.0)
    cutaneous (0.1.3)
    daemons (1.1.9)
    erubis (2.7.0)
    eventmachine (1.0.0)
    excon (0.16.7)
    execjs (1.4.0)
      multi_json (~> 1.0)
    fog (1.6.0)
      builder
      excon (~> 0.14)
      formatador (~> 0.2.0)
      mime-types
      multi_json (~> 1.0)
      net-scp (~> 1.0.4)
      net-ssh (>= 2.1.3)
      nokogiri (~> 1.5.0)
      ruby-hmac
    foreman (0.60.2)
      thor (>= 0.13.6)
    formatador (0.2.3)
    highline (1.6.15)
    hike (1.2.1)
    i18n (0.6.1)
    kgio (2.7.4)
    kramdown (0.14.0)
    launchy (2.1.2)
      addressable (~> 2.3)
    libv8 (3.3.10.4)
    lorem (0.1.2)
    mime-types (1.19)
    mini_magick (3.4)
      subexec (~> 0.2.1)
    multi_json (1.3.6)
    multipart-post (1.1.5)
    net-scp (1.0.4)
      net-ssh (>= 1.99.1)
    net-sftp (2.0.5)
      net-ssh (>= 2.0.9)
    net-ssh (2.6.1)
    net-ssh-gateway (1.1.0)
      net-ssh (>= 1.99.1)
    nokogiri (1.5.5)
    pg (0.14.1)
    public_suffix (1.1.3)
    rack (1.4.1)
    rack-fiber_pool (0.9.2)
    rack-protection (1.2.0)
      rack
    rack-test (0.6.2)
      rack (>= 1.0)
    raindrops (0.10.0)
    rake (0.9.2.2)
    rdoc (3.9.4)
    rr (1.0.4)
    ruby-hmac (0.4.0)
    sass (3.1.21)
    sequel (3.36.1)
    shine (0.6)
      multipart-post (>= 1.0)
    simultaneous (0.4.1)
      async-rack (~> 0.5.0)
      eventmachine (>= 1.0.0.rc.1, < 2.0)
      rack (>= 1.0, < 2.0)
    sinatra (1.3.2)
      rack (~> 1.3, >= 1.3.6)
      rack-protection (~> 1.2)
      tilt (~> 1.3, >= 1.3.3)
    sinatra-contrib (1.3.2)
      backports (>= 2.0)
      eventmachine
      rack-protection
      rack-test
      sinatra (~> 1.3.0)
      tilt (~> 1.3)
    sprockets (2.7.0)
      hike (~> 1.2)
      multi_json (~> 1.0)
      rack (~> 1.0)
      tilt (~> 1.1, != 1.3.0)
    stringex (1.3.0)
    subexec (0.2.2)
    therubyracer (0.9.10)
      libv8 (~> 3.3.10)
    thin (1.3.1)
      daemons (>= 1.0.9)
      eventmachine (>= 0.12.6)
      rack (>= 1.0.0)
    thor (0.16.0)
    tilt (1.3.3)
    uglifier (1.3.0)
      execjs (>= 0.3.0)
      multi_json (~> 1.0, >= 1.0.2)
    unicorn (4.4.0)
      kgio (~> 2.6)
      rack
      raindrops (~> 0.7)
    yajl-ruby (1.1.0)

PLATFORMS
  ruby

DEPENDENCIES
  capistrano (~> 2.9)
  lorem
  pg (~> 0.14.1)
  rr
  simultaneous (= 0.4.1)
  spontaneous!
  thin (~> 1.3.1)
  unicorn (~> 4.2)
  yajl-ruby (~> 1.1.0)
