GIT
  remote: https://github.com/Actualise/spontaneous.git
  revision: 9316fd49a69c67c49768f04ce4d4a29bd4d4da6a
  specs:
    spontaneous (0.2.0.alpha2)
      activesupport (~> 3.2.0)
      base58 (~> 0.1.0)
      bundler (> 1.0.15)
      coffee-script (~> 2.2.0)
      erubis (~> 2.6)
      fog (~> 1.1.1)
      foreman (~> 0.22.0)
      kramdown (~> 0.13.3)
      launchy (~> 0.4.0)
      mini_magick (~> 3.3)
      nokogiri (~> 1.5.0)
      public_suffix (~> 1.0)
      rack (~> 1.4.1)
      rack-fiber_pool (~> 0.9.2)
      rake (~> 0.9.2)
      rdoc (~> 3.9.4)
      sass (~> 3.1.4)
      sequel (= 3.36.1)
      shine (~> 0.6)
      simultaneous (~> 0.4.1)
      sinatra (= 1.3.2)
      sinatra-contrib (~> 1.3.1)
      stringex (= 1.3)
      therubyracer (~> 0.9.10)
      thin (~> 1.2)
      thor (~> 0.14.6)
      yajl-ruby (~> 1.1)

GEM
  remote: http://rubygems.org/
  specs:
    activesupport (3.2.8)
      i18n (~> 0.6)
      multi_json (~> 1.0)
    async-rack (0.5.1)
      rack (~> 1.1)
    backports (2.6.4)
    base58 (0.1.0)
    builder (3.1.3)
    capistrano (2.13.4)
      highline
      net-scp (>= 1.0.0)
      net-sftp (>= 2.0.0)
      net-ssh (>= 2.0.14)
      net-ssh-gateway (>= 1.1.0)
    coffee-script (2.2.0)
      coffee-script-source
      execjs
    coffee-script-source (1.3.3)
    configuration (1.3.2)
    daemons (1.1.9)
    erubis (2.7.0)
    eventmachine (1.0.0)
    excon (0.9.6)
    execjs (1.4.0)
      multi_json (~> 1.0)
    fog (1.1.2)
      builder
      excon (~> 0.9.0)
      formatador (~> 0.2.0)
      mime-types
      multi_json (~> 1.0.3)
      net-scp (~> 1.0.4)
      net-ssh (>= 2.1.3)
      nokogiri (~> 1.5.0)
      ruby-hmac
    foreman (0.22.0)
      term-ansicolor (~> 1.0.5)
      thor (>= 0.13.6)
    formatador (0.2.3)
    highline (1.6.15)
    i18n (0.6.1)
    jruby-pageant (1.1.1)
    kgio (2.7.4)
    kramdown (0.13.8)
    launchy (0.4.0)
      configuration (>= 0.0.5)
      rake (>= 0.8.1)
    libv8 (3.3.10.4)
    lorem (0.1.2)
    mime-types (1.19)
    mini_magick (3.4)
      subexec (~> 0.2.1)
    multi_json (1.0.4)
    multipart-post (1.1.5)
    net-scp (1.0.4)
      net-ssh (>= 1.99.1)
    net-sftp (2.0.5)
      net-ssh (>= 2.0.9)
    net-ssh (2.6.0)
      jruby-pageant (>= 1.1.1)
    net-ssh-gateway (1.1.0)
      net-ssh (>= 1.99.1)
    nokogiri (1.5.5)
    pg (0.13.2)
    public_suffix (1.1.3)
    rack (1.4.1)
    rack-fiber_pool (0.9.2)
    rack-protection (1.2.0)
      rack
    rack-test (0.6.2)
      rack (>= 1.0)
    raindrops (0.10.0)
    rake (0.9.2.2)
    rdoc (3.9.4)
    rr (1.0.4)
    ruby-hmac (0.4.0)
    sass (3.1.21)
    sequel (3.36.1)
    shine (0.6)
      multipart-post (>= 1.0)
    simultaneous (0.4.1)
      async-rack (~> 0.5.0)
      eventmachine (>= 1.0.0.rc.1, < 2.0)
      rack (>= 1.0, < 2.0)
    sinatra (1.3.2)
      rack (~> 1.3, >= 1.3.6)
      rack-protection (~> 1.2)
      tilt (~> 1.3, >= 1.3.3)
    sinatra-contrib (1.3.1)
      backports (>= 2.0)
      eventmachine
      rack-protection
      rack-test
      sinatra (~> 1.3.0)
      tilt (~> 1.3)
    stringex (1.3.0)
    subexec (0.2.2)
    term-ansicolor (1.0.7)
    therubyracer (0.9.10)
      libv8 (~> 3.3.10)
    thin (1.3.1)
      daemons (>= 1.0.9)
      eventmachine (>= 0.12.6)
      rack (>= 1.0.0)
    thor (0.14.6)
    tilt (1.3.3)
    unicorn (4.3.1)
      kgio (~> 2.6)
      rack
      raindrops (~> 0.7)
    yajl-ruby (1.1.0)

PLATFORMS
  ruby

DEPENDENCIES
  capistrano (~> 2.9)
  lorem
  pg (~> 0.13.2)
  rr
  simultaneous (= 0.4.1)
  spontaneous!
  thin (~> 1.3.1)
  unicorn (~> 4.2)
